GEM
  remote: https://rubygems.org/
  specs:
    addressable (2.3.4)
    blend-mode (0.0.1)
      compass (~> 0.12)
    breakpoint (2.0.5)
      compass (>= 0.12.1)
      sass (>= 3.2.0)
    chunky_png (1.2.8)
    color-schemer (0.2.3)
      blend-mode (~> 0.0.1)
      compass (~> 0.12)
    compass (0.12.2)
      chunky_png (~> 1.2)
      fssm (>= 0.2.7)
      sass (~> 3.1)
    compass-normalize (1.4.3)
      compass (>= 0.12.0)
    css_parser (1.3.4)
      addressable
    fssm (0.2.10)
    harsh (1.0.0)
      compass (>= 0.10.0.rc3)
    modular-scale (1.0.6)
      compass (>= 0.12.1)
      sass (>= 3.2.0)
      sassy-math (>= 1.5)
    sass (3.2.9)
    sassy-buttons (0.1.4)
      compass (>= 0.12.2)
      sass (>= 3.2.0)
    sassy-math (1.5)
      compass (~> 0.11)
    sassy-strings (0.3.1)
      compass (>= 0.12.2)
    singularitygs (1.0.8)
      breakpoint (>= 2.0.1)
      compass (>= 0.12.2)
      sass (>= 3.2.1)
    toolkit (1.0.0)
      breakpoint (>= 2.0.2)
      color-schemer (>= 0.2.3)
      compass (>= 0.12.2)
      sassy-strings (>= 0.1)
      singularitygs (>= 1.0.7)

PLATFORMS
  ruby

DEPENDENCIES
  compass-normalize (~> 1.4.3)
  css_parser (~> 1.3.4)
  harsh (~> 1.0.0)
  modular-scale (~> 1.0.6)
  sassy-buttons (~> 0.1.4)
  toolkit (~> 1.0.0)
